GEM
  remote: https://rubygems.org/
  specs:
    liquid (5.0.1)

PLATFORMS
  ruby

DEPENDENCIES
  liquid (~> 5.0)

BUNDLED WITH
   2.1.4
